GEM
  remote: http://rubygems.org/
  specs:
    rack (1.2.1)
    sinatra (1.0)
      rack (>= 1.0)
    sinatra-content-for (0.2)
      sinatra

PLATFORMS
  ruby

DEPENDENCIES
  sinatra
  sinatra-content-for
